GEM
  remote: https://rubygems.org/
  specs:
    activemodel (3.2.13)
      activesupport (= 3.2.13)
      builder (~> 3.0.0)
    activesupport (3.2.13)
      i18n (= 0.6.1)
      multi_json (~> 1.0)
    ansi (1.4.3)
    backports (3.3.2)
    bcrypt-ruby (3.0.1)
    bson (1.8.5)
    bson_ext (1.8.5)
      bson (~> 1.8.5)
    builder (3.0.4)
    capybara (1.1.4)
      mime-types (>= 1.16)
      nokogiri (>= 1.3.3)
      rack (>= 1.0.0)
      rack-test (>= 0.5.4)
      selenium-webdriver (~> 2.0)
      xpath (~> 0.1.4)
    childprocess (0.3.9)
      ffi (~> 1.0, >= 1.0.11)
    daemons (1.1.9)
    eventmachine (1.0.3)
    faye-websocket (0.4.7)
      eventmachine (>= 0.12.0)
    ffi (1.8.1)
    hashie (2.0.5)
    http_parser.rb (0.5.3)
    i18n (0.6.1)
    mime-types (1.23)
    minitest (4.7.5)
    minitest-capybara (0.2.0)
      capybara (~> 1.0)
      minitest-matchers (~> 1.2)
      rake
    minitest-matchers (1.3.0)
      minitest (~> 4.7)
    minitest-reporters (0.14.18)
      ansi
      builder
      minitest (>= 2.12, < 5.0)
      powerbar
    mongo (1.8.5)
      bson (~> 1.8.5)
    mongoid (3.1.3)
      activemodel (~> 3.2)
      moped (~> 1.4.2)
      origin (~> 1.0)
      tzinfo (~> 0.3.22)
    moped (1.4.5)
    multi_json (1.7.7)
    newrelic_rpm (3.6.1.88)
    nokogiri (1.5.9)
    oj (2.1.2)
    origin (1.1.0)
    poltergeist (1.0.2)
      capybara (~> 1.1)
      childprocess (~> 0.3)
      faye-websocket (~> 0.4, >= 0.4.4)
      http_parser.rb (~> 0.5.3)
      multi_json (~> 1.0)
    powerbar (1.0.11)
      ansi (~> 1.4.0)
      hashie (>= 1.1.0)
    rabl (0.8.6)
      activesupport (>= 2.3.14)
    rack (1.5.2)
    rack-livereload (0.3.13)
      rack
    rack-protection (1.5.0)
      rack
    rack-ssl-enforcer (0.2.5)
    rack-test (0.6.2)
      rack (>= 1.0)
    rake (10.1.0)
    rubyzip (0.9.9)
    selenium-webdriver (2.33.0)
      childprocess (>= 0.2.5)
      multi_json (~> 1.0)
      rubyzip
      websocket (~> 1.0.4)
    sinatra (1.4.3)
      rack (~> 1.4)
      rack-protection (~> 1.4)
      tilt (~> 1.3, >= 1.3.4)
    sinatra-contrib (1.4.0)
      backports (>= 2.0)
      eventmachine
      rack-protection
      rack-test
      sinatra (~> 1.4.2)
      tilt (~> 1.3)
    thin (1.5.1)
      daemons (>= 1.0.9)
      eventmachine (>= 0.12.6)
      rack (>= 1.0.0)
    tilt (1.4.1)
    tzinfo (0.3.37)
    websocket (1.0.7)
    xpath (0.1.4)
      nokogiri (~> 1.3)

PLATFORMS
  ruby

DEPENDENCIES
  bcrypt-ruby (~> 3.0.1)
  bson_ext (~> 1.8.0)
  capybara
  minitest
  minitest-capybara
  minitest-reporters
  mongo (~> 1.8.0)
  mongoid (~> 3.1.3)
  newrelic_rpm
  oj (~> 2.1.2)
  poltergeist
  rabl (~> 0.8.6)
  rack-livereload (~> 0.3.11)
  rack-ssl-enforcer (~> 0.2.5)
  sinatra (~> 1.4.3)
  sinatra-contrib (~> 1.4.0)
  thin (~> 1.5.0)
